PATH
  remote: .
  specs:
    mars-nesta (0.9.6)
      RedCloth (~> 4.2)
      coderay (>= 0.9.7)
      haml (~> 3.0)
      redcarpet (>= 1.11.0)
      shotgun (>= 0.8)
      sinatra (= 1.1.2)

GEM
  remote: http://rubygems.org/
  specs:
    RedCloth (4.2.7)
    coderay (0.9.7)
    haml (3.1.1)
    hoe (2.9.4)
      rake (>= 0.8.7)
    hpricot (0.8.3)
    rack (1.2.2)
    rack-test (0.5.7)
      rack (>= 1.0)
    rake (0.8.7)
    redcarpet (1.11.4)
    rspec (1.3.0)
    rspec_hpricot_matchers (1.0)
    shotgun (0.9)
      rack (>= 1.0)
    sinatra (1.1.2)
      rack (~> 1.1)
      tilt (~> 1.2)
    test-unit (1.2.3)
      hoe (>= 1.5.1)
    tilt (1.3)

PLATFORMS
  ruby

DEPENDENCIES
  hpricot (= 0.8.3)
  mars-nesta!
  rack-test (= 0.5.7)
  rspec (= 1.3.0)
  rspec_hpricot_matchers (= 1.0)
  test-unit (= 1.2.3)
